GEM
  remote: http://rubygems.org/
  specs:
    archive-tar-minitar (0.5.2)
    childprocess (0.3.6)
      ffi (~> 1.0, >= 1.0.6)
    chunky_png (1.2.5)
    compass (0.11.6)
      chunky_png (~> 1.2)
      fssm (>= 0.2.7)
      sass (~> 3.1)
    daemons (1.1.9)
    erubis (2.7.0)
    eventmachine (1.0.0)
    ffi (1.0.11)
    fssm (0.2.8)
    growl (1.0.3)
    guard (0.10.0)
      ffi (>= 0.5.0)
      thor (~> 0.14.6)
    guard-bundler (0.1.3)
      bundler (>= 1.0.0)
      guard (>= 0.2.2)
    guard-compass (0.0.6)
      compass (>= 0.10.5)
      guard (>= 0.2.1)
    i18n (0.6.1)
    json (1.5.4)
    log4r (1.1.10)
    net-scp (1.0.4)
      net-ssh (>= 1.99.1)
    net-ssh (2.2.2)
    rainbow (1.1.4)
    rake (10.0.3)
    rb-fsevent (0.9.2)
    rexec (1.5.1)
      rainbow
    rubydns (0.5.3)
      eventmachine (~> 1.0.0)
      rexec (~> 1.5.1)
    sass (3.1.12)
    thor (0.14.6)
    vagrant (1.0.5)
      archive-tar-minitar (= 0.5.2)
      childprocess (~> 0.3.1)
      erubis (~> 2.7.0)
      i18n (~> 0.6.0)
      json (~> 1.5.1)
      log4r (~> 1.1.9)
      net-scp (~> 1.0.4)
      net-ssh (~> 2.2.2)
    vagrant-dns (0.3.0)
      daemons
      rubydns (~> 0.5.3)
      vagrant

PLATFORMS
  ruby

DEPENDENCIES
  compass
  growl
  guard
  guard-bundler
  guard-compass
  rake
  rb-fsevent
  vagrant
  vagrant-dns
